GEM
  remote: https://rubygems.org/
  specs:
    jwt (2.7.1)

PLATFORMS
  x86_64-linux

DEPENDENCIES
  jwt

BUNDLED WITH
   2.4.10
